PATH
  remote: .
  specs:
    omniauth-tumblr (1.2)
      multi_json
      omniauth-oauth (~> 1.0)

GEM
  remote: https://rubygems.org/
  specs:
    diff-lcs (1.1.3)
    hashie (3.6.0)
    multi_json (1.11.2)
    oauth (0.5.4)
    omniauth (1.9.0)
      hashie (>= 3.4.6, < 3.7.0)
      rack (>= 1.6.2, < 3)
    omniauth-oauth (1.1.0)
      oauth
      omniauth (~> 1.0)
    rack (2.0.7)
    rake (0.9.2.2)
    rspec (2.11.0)
      rspec-core (~> 2.11.0)
      rspec-expectations (~> 2.11.0)
      rspec-mocks (~> 2.11.0)
    rspec-core (2.11.1)
    rspec-expectations (2.11.2)
      diff-lcs (~> 1.1.3)
    rspec-mocks (2.11.1)

PLATFORMS
  ruby

DEPENDENCIES
  omniauth-tumblr!
  rake
  rspec

BUNDLED WITH
   1.10.6
